GEM
  remote: https://rubygems.org/
  specs:
    xmpp4r (0.5.6)
    xmpp4r-robot (0.3.0)
      xmpp4r (~> 0.5)

PLATFORMS
  ruby

DEPENDENCIES
  xmpp4r
  xmpp4r-robot (= 0.3.0)
